PATH
  remote: .
  specs:
    adventofcode2019 (0.1.0)
      icy (~> 0.3)
      ivo (~> 0.5)

GEM
  remote: https://rubygems.org/
  specs:
    diff-lcs (1.3)
    icy (0.3.0)
    ivo (0.5.0)
    rspec (3.9.0)
      rspec-core (~> 3.9.0)
      rspec-expectations (~> 3.9.0)
      rspec-mocks (~> 3.9.0)
    rspec-core (3.9.0)
      rspec-support (~> 3.9.0)
    rspec-expectations (3.9.0)
      diff-lcs (>= 1.2.0, < 2.0)
      rspec-support (~> 3.9.0)
    rspec-mocks (3.9.0)
      diff-lcs (>= 1.2.0, < 2.0)
      rspec-support (~> 3.9.0)
    rspec-support (3.9.0)

PLATFORMS
  ruby

DEPENDENCIES
  adventofcode2019!
  bundler (~> 2.0)!
  rspec (~> 3.9)!

BUNDLED WITH
   2.0.2
